GEM
  remote: https://rubygems.org/
  specs:
    clipboard (1.1.1)
    paint (2.0.0)
    pbkdf2-ruby (0.2.1)
    pws (1.0.7)
      clipboard (~> 1.1.1)
      paint (>= 0.8.7)
      pbkdf2-ruby

PLATFORMS
  ruby

DEPENDENCIES
  pws

BUNDLED WITH
   1.12.5
