GEM
  remote: https://rubygems.org/
  specs:
    ffi (1.9.18)
    ffi-compiler (1.0.1)
      ffi (>= 1.0.0)
      rake
    rake (12.0.0)
    scrypt (3.0.5)
      ffi-compiler (>= 1.0, < 2.0)

PLATFORMS
  ruby

DEPENDENCIES
  scrypt

BUNDLED WITH
   1.12.5
